GEM
  remote: https://rubygems.org/
  specs:
    activemodel (3.0.20)
      activesupport (= 3.0.20)
      builder (~> 2.1.2)
      i18n (~> 0.5.0)
    activesupport (3.0.20)
    backports (3.6.4)
    bson (1.12.3)
    bson_ext (1.12.3)
      bson (~> 1.12.3)
    builder (2.1.2)
    daemons (1.2.2)
    eventmachine (1.0.7)
    haml (4.0.6)
      tilt
    i18n (0.5.4)
    json (1.8.3)
    mongo (1.12.3)
      bson (= 1.12.3)
    mongoid (2.2.6)
      activemodel (~> 3.0.0)
      mongo (~> 1.3)
      tzinfo (~> 0.3.22)
    multi_json (1.11.0)
    rack (1.6.1)
    rack-protection (1.5.3)
      rack
    rack-test (0.6.3)
      rack (>= 1.0)
    sass (3.4.14)
    sinatra (1.4.6)
      rack (~> 1.4)
      rack-protection (~> 1.4)
      tilt (>= 1.3, < 3)
    sinatra-contrib (1.4.4)
      backports (>= 2.0)
      multi_json
      rack-protection
      rack-test
      sinatra (~> 1.4.0)
      tilt (>= 1.3, < 3)
    sinatra-reloader (1.0)
      sinatra-contrib
    thin (1.6.3)
      daemons (~> 1.0, >= 1.0.9)
      eventmachine (~> 1.0)
      rack (~> 1.0)
    tilt (2.0.1)
    tzinfo (0.3.44)

PLATFORMS
  ruby

DEPENDENCIES
  bson
  bson_ext
  haml
  json
  mongoid (>= 2.2.0, < 2.3)
  rack
  sass
  sinatra
  sinatra-contrib
  sinatra-reloader
  thin
